GEM
  remote: https://rubygems.org/
  specs:
    activemodel (8.0.3)
      activesupport (= 8.0.3)
    activerecord (8.0.3)
      activemodel (= 8.0.3)
      activesupport (= 8.0.3)
      timeout (>= 0.4.0)
    activesupport (8.0.3)
      base64
      benchmark (>= 0.3)
      bigdecimal
      concurrent-ruby (~> 1.0, >= 1.3.1)
      connection_pool (>= 2.2.5)
      drb
      i18n (>= 1.6, < 2)
      logger (>= 1.4.2)
      minitest (>= 5.1)
      securerandom (>= 0.3)
      tzinfo (~> 2.0, >= 2.0.5)
      uri (>= 0.13.1)
    base64 (0.3.0)
    benchmark (0.4.1)
    bigdecimal (3.2.3)
    concurrent-ruby (1.3.5)
    connection_pool (2.5.4)
    dotenv (3.1.8)
    drb (2.2.3)
    i18n (1.14.7)
      concurrent-ruby (~> 1.0)
    json (2.15.0)
    logger (1.7.0)
    mime-types (3.7.0)
      logger
      mime-types-data (~> 3.2025, >= 3.2025.0507)
    mime-types-data (3.2025.0924)
    minitest (5.25.5)
    mustermann (3.0.4)
      ruby2_keywords (~> 0.0.1)
    nio4r (2.7.4)
    pg (1.6.2)
    pg (1.6.2-aarch64-linux)
    pg (1.6.2-aarch64-linux-musl)
    pg (1.6.2-arm64-darwin)
    pg (1.6.2-x86_64-darwin)
    pg (1.6.2-x86_64-linux)
    pg (1.6.2-x86_64-linux-musl)
    playwright-ruby-client (1.55.0)
      concurrent-ruby (>= 1.1.6)
      mime-types (>= 3.0)
    puma (7.0.4)
      nio4r (~> 2.0)
    rack (3.2.1)
    rack-cors (3.0.0)
      logger
      rack (>= 3.0.14)
    rack-protection (4.1.1)
      base64 (>= 0.1.0)
      logger (>= 1.6.0)
      rack (>= 3.0.0, < 4)
    rack-session (2.1.1)
      base64 (>= 0.1.0)
      rack (>= 3.0.0)
    rackup (2.2.1)
      rack (>= 3)
    rake (13.3.0)
    ruby2_keywords (0.0.5)
    securerandom (0.4.1)
    sinatra (4.1.1)
      logger (>= 1.6.0)
      mustermann (~> 3.0)
      rack (>= 3.0.0, < 4)
      rack-protection (= 4.1.1)
      rack-session (>= 2.0.0, < 3)
      tilt (~> 2.0)
    sinatra-activerecord (2.0.28)
      activerecord (>= 4.1)
      sinatra (>= 1.0)
    sqlite3 (2.7.4-aarch64-linux-gnu)
    sqlite3 (2.7.4-aarch64-linux-musl)
    sqlite3 (2.7.4-arm-linux-gnu)
    sqlite3 (2.7.4-arm-linux-musl)
    sqlite3 (2.7.4-arm64-darwin)
    sqlite3 (2.7.4-x86-linux-gnu)
    sqlite3 (2.7.4-x86-linux-musl)
    sqlite3 (2.7.4-x86_64-darwin)
    sqlite3 (2.7.4-x86_64-linux-gnu)
    sqlite3 (2.7.4-x86_64-linux-musl)
    tilt (2.6.1)
    timeout (0.4.3)
    tzinfo (2.0.6)
      concurrent-ruby (~> 1.0)
    uri (1.0.3)

PLATFORMS
  aarch64-linux-gnu
  aarch64-linux-musl
  arm-linux-gnu
  arm-linux-musl
  arm64-darwin
  x86-linux-gnu
  x86-linux-musl
  x86_64-darwin
  x86_64-linux-gnu
  x86_64-linux-musl

DEPENDENCIES
  dotenv
  json
  pg
  playwright-ruby-client
  puma (~> 7.0)
  rack-cors
  rackup (~> 2.2)
  rake
  sinatra
  sinatra-activerecord
  sqlite3

BUNDLED WITH
   2.6.2
